GEM
  remote: https://rubygems.org/
  specs:
    diff-lcs (1.3)
    email_address (0.1.11)
      netaddr (~> 2.0)
      simpleidn
    faraday (0.15.3)
      multipart-post (>= 1.2, < 3)
    multipart-post (2.0.0)
    netaddr (2.0.3)
    rspec (3.8.0)
      rspec-core (~> 3.8.0)
      rspec-expectations (~> 3.8.0)
      rspec-mocks (~> 3.8.0)
    rspec-core (3.8.0)
      rspec-support (~> 3.8.0)
    rspec-expectations (3.8.2)
      diff-lcs (>= 1.2.0, < 2.0)
      rspec-support (~> 3.8.0)
    rspec-mocks (3.8.0)
      diff-lcs (>= 1.2.0, < 2.0)
      rspec-support (~> 3.8.0)
    rspec-support (3.8.0)
    simpleidn (0.1.1)
      unf (~> 0.1.4)
    unf (0.1.4)
      unf_ext
    unf_ext (0.0.7.5)
    vcr (4.0.0)

PLATFORMS
  ruby

DEPENDENCIES
  email_address (= 0.1.11)
  faraday (= 0.15.3)
  rspec (= 3.8.0)
  vcr (= 4.0.0)

RUBY VERSION
   ruby 2.5.1p57

BUNDLED WITH
   1.17.1
