GEM
  remote: https://rubygems.org/
  specs:
    faraday (0.15.3)
      multipart-post (>= 1.2, < 3)
    multipart-post (2.0.0)

PLATFORMS
  ruby

DEPENDENCIES
  faraday (= 0.15.3)

RUBY VERSION
   ruby 2.5.1p57

BUNDLED WITH
   1.17.1
